GEM
  remote: https://rubygems.org/
  specs:
    io-console (0.5.4)
    irb (1.2.1)
      reline (>= 0.0.1)
    reline (0.1.2)
      io-console (~> 0.5)
    slop (4.7.0)

PLATFORMS
  ruby

DEPENDENCIES
  irb (~> 1.2)
  slop (~> 4.7)

BUNDLED WITH
   1.17.3
