PATH
  remote: .
  specs:
    daily_log (0.1.1)

GEM
  remote: https://rubygems.org/
  specs:
    byebug (11.0.1)
    diff-lcs (1.3)
    io-console (0.5.4)
    irb (1.2.1)
      reline (>= 0.0.1)
    rake (13.0.1)
    reline (0.1.2)
      io-console (~> 0.5)
    rspec (3.9.0)
      rspec-core (~> 3.9.0)
      rspec-expectations (~> 3.9.0)
      rspec-mocks (~> 3.9.0)
    rspec-core (3.9.1)
      rspec-support (~> 3.9.1)
    rspec-expectations (3.9.0)
      diff-lcs (>= 1.2.0, < 2.0)
      rspec-support (~> 3.9.0)
    rspec-mocks (3.9.1)
      diff-lcs (>= 1.2.0, < 2.0)
      rspec-support (~> 3.9.0)
    rspec-support (3.9.2)
    tomparse (0.4.2)
    yard (0.9.23)
    yard-tomdoc (0.7.1)
      tomparse (>= 0.4.0)
      yard

PLATFORMS
  ruby

DEPENDENCIES
  bundler (~> 1.17)
  byebug
  daily_log!
  irb (~> 1.2)
  rake
  rspec (~> 3.9)
  yard-tomdoc

BUNDLED WITH
   1.17.3
